PATH
  remote: .
  specs:
    ng-bank-parser (0.1.0)
      docsplit
      nokogiri

GEM
  remote: https://rubygems.org/
  specs:
    diff-lcs (1.2.5)
    docsplit (0.7.6)
    mini_portile (0.6.2)
    nokogiri (1.6.6.2)
      mini_portile (~> 0.6.0)
    rake (10.4.2)
    rspec (3.3.0)
      rspec-core (~> 3.3.0)
      rspec-expectations (~> 3.3.0)
      rspec-mocks (~> 3.3.0)
    rspec-core (3.3.2)
      rspec-support (~> 3.3.0)
    rspec-expectations (3.3.1)
      diff-lcs (>= 1.2.0, < 2.0)
      rspec-support (~> 3.3.0)
    rspec-mocks (3.3.2)
      diff-lcs (>= 1.2.0, < 2.0)
      rspec-support (~> 3.3.0)
    rspec-support (3.3.0)

PLATFORMS
  ruby

DEPENDENCIES
  bundler (~> 1.10)
  ng-bank-parser!
  rake (~> 10.0)
  rspec

BUNDLED WITH
   1.10.6
